GEM
  remote: http://rubygems.org/
  specs:
    awesome_print (1.0.2)
    json (1.6.4)
    mime-types (1.17.2)
    rest-client (1.6.7)
      mime-types (>= 1.16)

PLATFORMS
  ruby

DEPENDENCIES
  awesome_print
  json
  rest-client
